NUGET
  remote: http://api.nuget.org/v3/index.json
  specs:
    Autofac (3.5.2)
